GIT
  remote: https://github.com/datamapper/devtools.git
  revision: 5524900c4c4e676503bba05332eaf20322978814
  specs:
    devtools (0.0.1)
      adamantium (~> 0.0.5)
      rake (~> 10.0.3)

GIT
  remote: https://github.com/mbj/composition
  revision: 1d3ffcd78235b3ccc2e00a07849acd8a20094572
  specs:
    composition (0.0.1)
      adamantium (~> 0.0.5)
      backports (~> 2.7.0)
      equalizer (~> 0.0.3)

GIT
  remote: https://github.com/mbj/request
  revision: ba6a810d83f3d8a23cb23d2ccffc9b73807da2d3
  specs:
    request (0.0.1)
      abstract_type (~> 0.0.2)
      adamantium (~> 0.0.1)
      adamantium (~> 0.0.2)
      composition (~> 0.0.1)
      equalizer (~> 0.0.1)
      ice_nine (~> 0.6.0)

GIT
  remote: https://github.com/mbj/response
  revision: 12f285ce366be73a7573c6043c57ad2592d6dbd2
  specs:
    response (0.0.1)
      abstract_type (~> 0.0.2)
      adamantium (~> 0.0.1)
      adamantium (~> 0.0.2)
      equalizer (~> 0.0.1)
      ice_nine (~> 0.6.0)

PATH
  remote: .
  specs:
    assets (0.0.1)
      abstract_type (~> 0.0.2)
      adamantium (~> 0.0.5)
      anima (~> 0.0.4)
      backports (~> 2.7.0)
      descendants_tracker (~> 0.0.1)
      diff-lcs (~> 1.1.3)
      equalizer (~> 0.0.3)
      ice_nine (~> 0.6.0)
      request (~> 0.0.1)
      response (~> 0.0.1)
      sass (~> 3.2.4)

GEM
  remote: https://rubygems.org/
  specs:
    abstract_type (0.0.2)
    adamantium (0.0.5)
      backports (~> 2.7.0)
      ice_nine (~> 0.6.0)
    anima (0.0.4)
      abstract_type (~> 0.0.2)
      adamantium (~> 0.0.5)
      backports (~> 2.7.0)
      equalizer (~> 0.0.3)
    backports (2.7.1)
    descendants_tracker (0.0.1)
    diff-lcs (1.1.3)
    equalizer (0.0.3)
      adamantium (~> 0.0.5)
      backports (~> 2.7.0)
    ice_nine (0.6.0)
    rake (10.0.3)
    reek (1.3)
      ruby2ruby (~> 2.0.0)
      ruby_parser (~> 3.0.4)
      sexp_processor
    ruby2ruby (2.0.1)
      ruby_parser (~> 3.0.0)
      sexp_processor (~> 4.0)
    ruby_parser (3.0.4)
      sexp_processor (~> 4.1)
    sass (3.2.5)
    sexp_processor (4.1.4)

PLATFORMS
  ruby

DEPENDENCIES
  assets!
  composition!
  devtools!
  reek
  request!
  response!
