GIT
  remote: https://github.com/datamapper/devtools.git
  revision: 6fd2137b015875f9f6adc8f5097d8088eb228925
  specs:
    devtools (0.0.1)
      adamantium (~> 0.0.3)
      rake (~> 10.0)

GIT
  remote: https://github.com/dkubb/reek.git
  revision: b85adad65e992e194023f6346f3e72c3b46b4c56
  specs:
    reek (1.2.8)
      ruby2ruby (~> 1.2)
      ruby_parser (~> 2.0)
      sexp_processor (~> 3.0)

GIT
  remote: https://github.com/mbj/composition
  revision: 24bff54361ae806821e02854721a5530e1902c31
  specs:
    composition (0.0.1)
      adamantium (~> 0.0.3)
      backports (~> 2.6.4)
      equalizer (~> 0.0.1)

GIT
  remote: https://github.com/mbj/rb-inotify
  revision: 3488a844b55d092f95541757a0110fee31512108
  specs:
    rb-inotify (0.8.8)
      ffi (>= 0.5.0)

GIT
  remote: https://github.com/mbj/response
  revision: 4fb9cbc6eda9ad96805b15d99f7f1e486b20c0d0
  specs:
    response (0.0.1)
      abstract_type (~> 0.0.2)
      adamantium (~> 0.0.1)
      adamantium (~> 0.0.2)
      equalizer (~> 0.0.1)
      ice_nine (~> 0.5.0)

PATH
  remote: .
  specs:
    assets (0.0.1)
      abstract_type (~> 0.0.2)
      adamantium (~> 0.0.1)
      anima (~> 0.0.1)
      backports (~> 2.6.4)
      descendants_tracker (~> 0.0.1)
      diff-lcs (~> 1.1.3)
      equalizer (~> 0.0.1)
      ice_nine (~> 0.5.0)
      sass (~> 3.2.4)

GEM
  remote: https://rubygems.org/
  specs:
    abstract_type (0.0.2)
    adamantium (0.0.3)
      backports (~> 2.6.4)
      ice_nine (~> 0.5.0)
    anima (0.0.3)
      abstract_type (~> 0.0.2)
      adamantium (~> 0.0.3)
      backports (~> 2.6.4)
      equalizer (~> 0.0.1)
    backports (2.6.5)
    coderay (1.0.8)
    descendants_tracker (0.0.1)
    diff-lcs (1.1.3)
    env (0.3.0)
    equalizer (0.0.2)
      adamantium (~> 0.0.3)
      backports (~> 2.6.4)
    ffi (1.2.0)
    ffi-hunspell (0.2.5)
      env (~> 0.2)
      ffi (~> 1.0)
    flay (1.4.3)
      ruby_parser (~> 2.0)
      sexp_processor (~> 3.0)
    flog (2.5.3)
      ruby_parser (~> 2.0)
      sexp_processor (~> 3.0)
    guard (1.5.4)
      listen (>= 0.4.2)
      lumberjack (>= 1.0.2)
      pry (>= 0.9.10)
      thor (>= 0.14.6)
    guard-bundler (1.0.0)
      bundler (~> 1.0)
      guard (~> 1.1)
    guard-rspec (2.1.2)
      guard (>= 1.1)
      rspec (~> 2.11)
    ice_nine (0.5.0)
    listen (0.7.0)
    lumberjack (1.0.2)
    mbj-inflector (0.0.1)
      backports (~> 2.6.4)
    method_source (0.8.1)
    multi_json (1.5.0)
    mutant (0.2.6)
      abstract_type (~> 0.0.2)
      adamantium (~> 0.0.3)
      backports (~> 2.6)
      descendants_tracker (~> 0.0.1)
      diff-lcs (~> 1.1.3)
      equalizer (~> 0.0.1)
      ice_nine (~> 0.5.0)
      mbj-inflector (~> 0.0.1)
      to_source (~> 0.2.5)
    mutant-melbourne (2.0.3)
    pelusa (0.2.2)
    pry (0.9.10)
      coderay (~> 1.0.5)
      method_source (~> 0.8)
      slop (~> 3.3.1)
    rake (10.0.3)
    rbench (0.2.3)
    roodi (2.1.0)
      ruby_parser
    rspec (2.12.0)
      rspec-core (~> 2.12.0)
      rspec-expectations (~> 2.12.0)
      rspec-mocks (~> 2.12.0)
    rspec-core (2.12.2)
    rspec-expectations (2.12.1)
      diff-lcs (~> 1.1.3)
    rspec-mocks (2.12.1)
    ruby2ruby (1.3.1)
      ruby_parser (~> 2.0)
      sexp_processor (~> 3.0)
    ruby_parser (2.3.1)
      sexp_processor (~> 3.0)
    sass (3.2.4)
    sexp_processor (3.2.0)
    simplecov (0.7.1)
      multi_json (~> 1.0)
      simplecov-html (~> 0.7.1)
    simplecov-html (0.7.1)
    slop (3.3.3)
    thor (0.16.0)
    to_source (0.2.5)
      adamantium (~> 0.0.3)
      mutant-melbourne (~> 2.0.3)
    yard (0.8.3)
    yard-spellcheck (0.1.5)
      ffi-hunspell (~> 0.2)
      yard (~> 0.6)
    yardstick (0.8.0)
      backports (~> 2.6.4)
      yard (~> 0.8.3)

PLATFORMS
  ruby

DEPENDENCIES
  assets!
  composition!
  devtools!
  flay (~> 1.4.2)
  flog (~> 2.5.1)
  guard (~> 1.5.4)
  guard-bundler (~> 1.0.0)
  guard-rspec (~> 2.1.1)
  jruby-openssl (~> 0.7.4)
  mutant (~> 0.2.6)
  pelusa (~> 0.2.1)
  rake (~> 10.0)
  rb-inotify!
  rbench (~> 0.2.3)
  reek (~> 1.2.8)!
  response!
  roodi (~> 2.1.0)
  rspec (~> 2.12.0)
  simplecov (~> 0.7)
  yard (~> 0.8.3)
  yard-spellcheck (~> 0.1.5)
  yardstick (~> 0.8.0)
